GEM
  remote: http://rubygems.org/
  specs:
    Ascii85 (1.0.2)
    RedCloth (4.2.9)
    afm (0.2.0)
    coderay (1.0.8)
    gimli (0.4.1)
      RedCloth (~> 4.2.7)
      coderay (~> 1.0.7)
      github-markup (~> 0.7.4)
      nokogiri (~> 1.5.5)
      optiflag (~> 0.7)
      redcarpet (~> 2.1.1)
      wkhtmltopdf-binary (~> 0.9.9.1)
    github-markup (0.7.5)
    hashery (2.1.0)
    nokogiri (1.5.6)
    optiflag (0.7)
    pdf-reader (1.3.3)
      Ascii85 (~> 1.0.0)
      afm (~> 0.2.0)
      hashery (~> 2.0)
      ruby-rc4
      ttfunk
    prawn (0.12.0)
      pdf-reader (>= 0.9.0)
      ttfunk (~> 1.0.2)
    rake (10.0.3)
    redcarpet (2.1.1)
    ruby-rc4 (0.1.5)
    ttfunk (1.0.3)
    wkhtmltopdf-binary (0.9.9.1)

PLATFORMS
  ruby

DEPENDENCIES
  gimli
  github-markup
  prawn
  rake
