GEM
  remote: http://rubygems.org/
  specs:
    RedCloth (4.2.9)
    coderay (1.0.8)
    gimli (0.4.1)
      RedCloth (~> 4.2.7)
      coderay (~> 1.0.7)
      github-markup (~> 0.7.4)
      nokogiri (~> 1.5.5)
      optiflag (~> 0.7)
      redcarpet (~> 2.1.1)
      wkhtmltopdf-binary (~> 0.9.9.1)
    github-markup (0.7.5)
    nokogiri (1.5.6)
    optiflag (0.7)
    rake (10.0.3)
    redcarpet (2.1.1)
    wkhtmltopdf-binary (0.9.9.1)

PLATFORMS
  ruby

DEPENDENCIES
  gimli
  github-markup
  rake
